GEM
  remote: https://rubygems.org/
  specs:
    ffi-swig-generator (0.3.2)
      nokogiri (>= 1.3.1)
      rake (>= 0.8.7)
    mini_portile (0.6.0)
    nokogiri (1.6.3.1)
      mini_portile (= 0.6.0)
    rake (10.3.2)

PLATFORMS
  ruby

DEPENDENCIES
  ffi-swig-generator
